GEM
  remote: https://rubygems.org/
  specs:
    backports (3.6.4)
    byebug (5.0.0)
      columnize (= 0.9.0)
    coderay (1.1.0)
    columnize (0.9.0)
    daemons (1.2.2)
    eventmachine (1.0.6)
    haml (4.0.6)
      tilt
    m (1.3.4)
      method_source (>= 0.6.7)
      rake (>= 0.9.2.2)
    method_source (0.8.2)
    minitest (5.7.0)
    multi_json (1.11.1)
    pry (0.10.1)
      coderay (~> 1.1.0)
      method_source (~> 0.8.1)
      slop (~> 3.4)
    rack (1.6.4)
    rack-protection (1.5.3)
      rack
    rack-test (0.6.3)
      rack (>= 1.0)
    rake (10.4.2)
    sinatra (1.4.6)
      rack (~> 1.4)
      rack-protection (~> 1.4)
      tilt (>= 1.3, < 3)
    sinatra-contrib (1.4.4)
      backports (>= 2.0)
      multi_json
      rack-protection
      rack-test
      sinatra (~> 1.4.0)
      tilt (>= 1.3, < 3)
    slop (3.6.0)
    thin (1.6.3)
      daemons (~> 1.0, >= 1.0.9)
      eventmachine (~> 1.0)
      rack (~> 1.0)
    tilt (2.0.1)

PLATFORMS
  ruby

DEPENDENCIES
  byebug
  haml
  m
  minitest
  pry
  sinatra
  sinatra-contrib
  thin

BUNDLED WITH
   1.10.6
